GEM
  remote: http://rubygems.org/
  specs:
    activesupport (3.0.4)
    diff-lcs (1.1.2)
    ffi (1.0.5)
      rake (>= 0.8.7)
    i18n (0.5.0)
    rack (1.2.1)
    rake (0.8.7)
    rrd-ffi (0.2.5)
      activesupport
      ffi
    rspec (2.5.0)
      rspec-core (~> 2.5.0)
      rspec-expectations (~> 2.5.0)
      rspec-mocks (~> 2.5.0)
    rspec-core (2.5.1)
    rspec-expectations (2.5.0)
      diff-lcs (~> 1.1.2)
    rspec-mocks (2.5.0)
    sinatra (1.1.3)
      rack (~> 1.1)
      tilt (>= 1.2.2, < 2.0)
    tilt (1.2.2)

PLATFORMS
  ruby

DEPENDENCIES
  i18n
  rrd-ffi
  rspec (= 2.5.0)
  sinatra
